GEM
  remote: https://rubygems.org/
  specs:
    acme-client (2.0.9)
      faraday (>= 0.17, < 2.0.0)
    diff-lcs (1.5.0)
    escape_utils (1.2.1)
    ever (0.1)
    extralite (1.11)
    faraday (1.9.3)
      faraday-em_http (~> 1.0)
      faraday-em_synchrony (~> 1.0)
      faraday-excon (~> 1.1)
      faraday-httpclient (~> 1.0)
      faraday-multipart (~> 1.0)
      faraday-net_http (~> 1.0)
      faraday-net_http_persistent (~> 1.0)
      faraday-patron (~> 1.0)
      faraday-rack (~> 1.0)
      faraday-retry (~> 1.0)
      ruby2_keywords (>= 0.0.4)
    faraday-em_http (1.0.0)
    faraday-em_synchrony (1.0.0)
    faraday-excon (1.1.0)
    faraday-httpclient (1.0.1)
    faraday-multipart (1.0.3)
      multipart-post (>= 1.2, < 3)
    faraday-net_http (1.0.1)
    faraday-net_http_persistent (1.2.0)
    faraday-patron (1.0.0)
    faraday-rack (1.0.0)
    faraday-retry (1.0.3)
    h1p (0.2)
    http-2 (0.11.0)
    localhost (1.1.9)
    msgpack (1.4.4)
    multipart-post (2.1.1)
    polyphony (0.73.1)
    qeweney (0.16)
      escape_utils (~> 1.2.1)
    rack (2.2.3)
    rack-test (1.1.0)
      rack (>= 1.0, < 3)
    rspec (3.10.0)
      rspec-core (~> 3.10.0)
      rspec-expectations (~> 3.10.0)
      rspec-mocks (~> 3.10.0)
    rspec-core (3.10.1)
      rspec-support (~> 3.10.0)
    rspec-expectations (3.10.2)
      diff-lcs (>= 1.2.0, < 2.0)
      rspec-support (~> 3.10.0)
    rspec-mocks (3.10.2)
      diff-lcs (>= 1.2.0, < 2.0)
      rspec-support (~> 3.10.0)
    rspec-support (3.10.3)
    ruby2_keywords (0.0.5)
    tipi (0.45)
      acme-client (~> 2.0.8)
      ever (~> 0.1)
      extralite (~> 1.2)
      h1p (~> 0.2)
      http-2 (~> 0.11)
      localhost (~> 1.1.4)
      msgpack (~> 1.4.2)
      polyphony (~> 0.71)
      qeweney (~> 0.14)
      rack (>= 2.0.8, < 2.3.0)
      websocket (~> 1.2.8)
    websocket (1.2.9)

PLATFORMS
  x86_64-darwin-20

DEPENDENCIES
  rack-test (~> 1.1)
  rspec (~> 3.10)
  tipi (~> 0.45)

BUNDLED WITH
   2.2.19
